GEM
  remote: https://rubygems.org/
  specs:
    activemodel (5.1.4)
      activesupport (= 5.1.4)
    activerecord (5.1.4)
      activemodel (= 5.1.4)
      activesupport (= 5.1.4)
      arel (~> 8.0)
    activesupport (5.1.4)
      concurrent-ruby (~> 1.0, >= 1.0.2)
      i18n (~> 0.7)
      minitest (~> 5.1)
      tzinfo (~> 1.1)
    arel (8.0.0)
    bcrypt (3.1.11)
    byebug (9.1.0)
    concurrent-ruby (1.0.5)
    dotenv (2.2.1)
    i18n (0.9.1)
      concurrent-ruby (~> 1.0)
    json (2.1.0)
    kgio (2.11.0)
    minitest (5.10.3)
    money (6.10.0)
      i18n (>= 0.6.4, < 1.0)
    mustermann (1.0.1)
    openssl (2.0.6)
    pg (0.21.0)
    rack (2.0.3)
    rack-protection (2.0.0)
      rack
    raindrops (0.19.0)
    rake (12.3.0)
    redcarpet (3.4.0)
    sinatra (2.0.0)
      mustermann (~> 1.0)
      rack (~> 2.0)
      rack-protection (= 2.0.0)
      tilt (~> 2.0)
    sinatra-activerecord (2.0.13)
      activerecord (>= 3.2)
      sinatra (>= 1.0)
    sinatra-flash (0.3.0)
      sinatra (>= 1.0.0)
    thread_safe (0.3.6)
    tilt (2.0.8)
    tzinfo (1.2.4)
      thread_safe (~> 0.1)
    unicorn (5.3.1)
      kgio (~> 2.6)
      raindrops (~> 0.7)

PLATFORMS
  ruby

DEPENDENCIES
  activerecord
  bcrypt
  byebug
  dotenv
  json
  money
  openssl
  pg
  rake
  redcarpet
  sinatra
  sinatra-activerecord
  sinatra-flash
  unicorn

RUBY VERSION
   ruby 2.3.0p0

BUNDLED WITH
   1.16.0
